GEM
  remote: https://rubygems.org/
  specs:
    RedCloth (4.3.2)
    classifier (1.3.4)
      fast-stemmer (>= 1.0.0)
    directory_watcher (1.5.1)
    fast-stemmer (1.0.2)
    haml (3.1.8)
    jekyll (0.12.1)
      classifier (~> 1.3)
      directory_watcher (~> 1.1)
      kramdown (~> 0.14)
      liquid (~> 2.3)
      maruku (~> 0.5)
      pygments.rb (~> 0.3.2)
    kramdown (0.14.2)
    linguistics (1.0.9)
    liquid (2.6.3)
    maruku (0.7.3)
    posix-spawn (0.3.13)
    pygments.rb (0.3.7)
      posix-spawn (~> 0.3.6)
      yajl-ruby (~> 1.1.0)
    sass (3.1.21)
    yajl-ruby (1.1.0)

PLATFORMS
  ruby

DEPENDENCIES
  RedCloth (~> 4.2)
  haml (~> 3.1.1)
  jekyll (~> 0.12.1)
  linguistics (~> 1.0.9)
  sass (~> 3.1.1)

RUBY VERSION
   ruby 2.3.4p301

BUNDLED WITH
   1.16.1
